GEM
  remote: https://rubygems.org/
  specs:
    activesupport (7.0.3.1)
      concurrent-ruby (~> 1.0, >= 1.0.2)
      i18n (>= 1.6, < 2)
      minitest (>= 5.1)
      tzinfo (~> 2.0)
    concurrent-ruby (1.1.10)
    dotenv (2.7.5)
    faraday (1.0.1)
      multipart-post (>= 1.2, < 3)
    faraday_middleware (1.0.0)
      faraday (~> 1.0)
    hashie (4.1.0)
    i18n (1.12.0)
      concurrent-ruby (~> 1.0)
    minitest (5.16.2)
    multipart-post (2.1.1)
    strava-ruby-client (0.4.0)
      activesupport
      faraday (>= 1.0.0)
      faraday_middleware
      hashie
    tzinfo (2.0.5)
      concurrent-ruby (~> 1.0)

PLATFORMS
  ruby

DEPENDENCIES
  dotenv
  strava-ruby-client

BUNDLED WITH
   1.17.2
